PATH
  remote: .
  specs:
    uuid (2.3.7)
      macaddr (~> 1.0)

GEM
  remote: https://rubygems.org/
  specs:
    macaddr (1.7.2)
      systemu (~> 2.6.5)
    metaclass (0.0.4)
    mocha (1.9.0)
      metaclass (~> 0.0.1)
    rake (13.0.0)
    systemu (2.6.5)
    yard (0.9.20)

PLATFORMS
  ruby

DEPENDENCIES
  mocha
  rake
  uuid!
  yard (>= 0.9.11)

BUNDLED WITH
   2.0.2
